PATH
  remote: ../linkage
  specs:
    linkage (0.0.3)
      sequel

PATH
  remote: ../mocha
  specs:
    mocha (0.10.4)
      metaclass (~> 0.0.1)

GEM
  remote: http://rubygems.org/
  specs:
    ffi (1.0.11)
    git (1.2.5)
    guard (1.0.0)
      ffi (>= 0.5.0)
      thor (~> 0.14.6)
    guard-test (0.4.3)
      guard (>= 0.4)
      test-unit (~> 2.2)
    highline (1.6.11)
    jeweler (1.6.4)
      bundler (~> 1.0)
      git (>= 1.2.5)
      rake
    metaclass (0.0.1)
    rake (0.9.2.2)
    sequel (3.32.0)
    sqlite3 (1.3.5)
    terminal-table (1.4.4)
    test-unit (2.4.7)
    thor (0.14.6)

PLATFORMS
  ruby

DEPENDENCIES
  bundler (~> 1.0.0)
  guard-test
  highline
  jeweler (~> 1.6.4)
  linkage!
  mocha!
  sqlite3
  terminal-table
  test-unit
